GEM
  remote: https://rubygems.org/
  specs:
    ffi (1.15.5)
    matplotlib (1.2.0)
      pycall (>= 1.0.0)
    npy (0.3.0)
      numo-narray
      rubyzip (>= 2.3)
    numo (0.1.1)
      numo-fftw (~> 0.1.1)
      numo-gnuplot (~> 0.2.4)
      numo-gsl (~> 0.1.1)
      numo-linalg (~> 0.1.0)
      numo-narray (~> 0.9.1)
    numo-fftw (0.1.1)
      numo-narray (~> 0.9.0)
    numo-gnuplot (0.2.4)
    numo-gsl (0.1.2)
      numo-narray (>= 0.9.0.8)
    numo-linalg (0.1.7)
      numo-narray (>= 0.9.1.4)
    numo-narray (0.9.2.1)
    pycall (1.4.1)
    rice (4.0.4)
    ruby-vips (2.1.4)
      ffi (~> 1.12)
    rubyzip (2.3.2)
    tensorflow (0.2.0)
      ffi
      npy
      numo-narray
    torch-rb (0.12.0)
      rice (>= 4.0.2)
    torchvision (0.2.2)
      numo-narray
      ruby-vips (>= 2.1.2)
      torch-rb (>= 0.3.7)

PLATFORMS
  arm64-darwin-21

DEPENDENCIES
  matplotlib
  numo
  tensorflow
  torch-rb
  torchvision

BUNDLED WITH
   2.3.11
